GEM
  remote: https://rubygems.org/
  specs:
    builder (3.0.4)
    jwt (0.1.7)
      multi_json (>= 1.5)
    multi_json (1.7.1)
    pg (0.11.0)
    rack (1.5.2)
    rack-protection (1.5.0)
      rack
    sequel (3.48.0)
    sinatra (1.4.2)
      rack (~> 1.5, >= 1.5.2)
      rack-protection (~> 1.4)
      tilt (~> 1.3, >= 1.3.4)
    tilt (1.4.0)
    twilio-ruby (3.9.0)
      builder (>= 2.1.2)
      jwt (>= 0.1.2)
      multi_json (>= 1.3.0)

PLATFORMS
  ruby

DEPENDENCIES
  pg
  sequel
  sinatra
  twilio-ruby
